GEM
  remote: https://rubygems.org/
  specs:
    activesupport (5.2.3)
      concurrent-ruby (~> 1.0, >= 1.0.2)
      i18n (>= 0.7, < 2)
      minitest (~> 5.1)
      tzinfo (~> 1.1)
    addressable (2.8.0)
      public_suffix (>= 2.0.2, < 5.0)
    airbrake (9.3.0)
      airbrake-ruby (~> 4.5)
    airbrake-ruby (4.5.0)
      rbtree3 (~> 0.5)
    backports (3.15.0)
    coderay (1.1.2)
    concurrent-ruby (1.1.5)
    crass (1.0.4)
    dotenv (2.7.4)
    feedjira (3.0.0)
      loofah (>= 2.2.1)
      sax-machine (>= 1.0)
    github-release-party (0.3.2)
      addressable (~> 2)
      rake (~> 12)
    heroku-env (0.1.4)
    i18n (1.6.0)
      concurrent-ruby (~> 1.0)
    loofah (2.2.3)
      crass (~> 1.0.2)
      nokogiri (>= 1.5.9)
    method_source (0.9.2)
    mini_portile2 (2.4.0)
    minitest (5.11.3)
    multi_json (1.13.1)
    mustermann (1.0.3)
    newrelic_rpm (6.5.0.357)
    nio4r (2.4.0)
    nokogiri (1.10.3)
      mini_portile2 (~> 2.4.0)
    opengraph_parser (0.2.3)
      addressable
      nokogiri
    powder (0.4.0)
      thor (>= 0.11.5)
    prometheus-client (0.9.0)
      quantile (~> 0.2.1)
    pry (0.12.2)
      coderay (~> 1.1.0)
      method_source (~> 0.9.0)
    pry-remote (0.1.8)
      pry (~> 0.9)
      slop (~> 3.0)
    public_suffix (4.0.7)
    puma (4.0.1)
      nio4r (~> 2.0)
    quantile (0.2.1)
    rack (2.0.7)
    rack-protection (2.0.5)
      rack
    rack-ssl-enforcer (0.2.9)
    rake (12.3.2)
    rbtree3 (0.5.0)
    redis (4.1.2)
    redis-namespace (1.6.0)
      redis (>= 3.0.4)
    sax-machine (1.3.2)
    secure_headers (6.1.1)
    sinatra (2.0.5)
      mustermann (~> 1.0)
      rack (~> 2.0)
      rack-protection (= 2.0.5)
      tilt (~> 2.0)
    sinatra-contrib (2.0.5)
      backports (>= 2.8.2)
      multi_json
      mustermann (~> 1.0)
      rack-protection (= 2.0.5)
      sinatra (= 2.0.5)
      tilt (>= 1.3, < 3)
    slop (3.6.0)
    thor (0.20.3)
    thread_safe (0.3.6)
    tilt (2.0.9)
    tzinfo (1.2.5)
      thread_safe (~> 0.1)
    yajl-ruby (1.4.1)

PLATFORMS
  ruby

DEPENDENCIES
  activesupport
  addressable
  airbrake
  dotenv
  feedjira
  github-release-party
  heroku-env
  newrelic_rpm
  nokogiri
  opengraph_parser
  powder
  prometheus-client
  pry-remote
  puma
  rack
  rack-ssl-enforcer
  rake
  redis
  redis-namespace
  secure_headers
  sinatra
  sinatra-contrib
  yajl-ruby

RUBY VERSION
   ruby 2.6.3p62

BUNDLED WITH
   1.17.2
